PATH
  remote: .
  specs:
    elastic_ruby_server (0.5.0)
      concurrent-ruby
      elasticsearch (< 7.14)
      git
      parser
      patron

GEM
  remote: https://rubygems.org/
  specs:
    ast (2.4.2)
    byebug (11.1.3)
    coderay (1.1.3)
    colorize (0.8.1)
    concurrent-ruby (1.1.9)
    diff-lcs (1.4.4)
    elasticsearch (7.13.3)
      elasticsearch-api (= 7.13.3)
      elasticsearch-transport (= 7.13.3)
    elasticsearch-api (7.13.3)
      multi_json
    elasticsearch-transport (7.13.3)
      faraday (~> 1)
      multi_json
    faraday (1.8.0)
      faraday-em_http (~> 1.0)
      faraday-em_synchrony (~> 1.0)
      faraday-excon (~> 1.1)
      faraday-httpclient (~> 1.0.1)
      faraday-net_http (~> 1.0)
      faraday-net_http_persistent (~> 1.1)
      faraday-patron (~> 1.0)
      faraday-rack (~> 1.0)
      multipart-post (>= 1.2, < 3)
      ruby2_keywords (>= 0.0.4)
    faraday-em_http (1.0.0)
    faraday-em_synchrony (1.0.0)
    faraday-excon (1.1.0)
    faraday-httpclient (1.0.1)
    faraday-net_http (1.0.1)
    faraday-net_http_persistent (1.2.0)
    faraday-patron (1.0.0)
    faraday-rack (1.0.0)
    fuubar (2.5.1)
      rspec-core (~> 3.0)
      ruby-progressbar (~> 1.4)
    git (1.9.1)
      rchardet (~> 1.8)
    hashdiff (1.0.1)
    method_source (1.0.0)
    multi_json (1.15.0)
    multipart-post (2.1.1)
    parser (3.0.2.0)
      ast (~> 2.4.1)
    patron (0.13.3)
    pry (0.13.1)
      coderay (~> 1.1)
      method_source (~> 1.0)
    pry-byebug (3.9.0)
      byebug (~> 11.0)
      pry (~> 0.13.0)
    rchardet (1.8.0)
    rspec (3.10.0)
      rspec-core (~> 3.10.0)
      rspec-expectations (~> 3.10.0)
      rspec-mocks (~> 3.10.0)
    rspec-core (3.10.1)
      rspec-support (~> 3.10.0)
    rspec-expectations (3.10.1)
      diff-lcs (>= 1.2.0, < 2.0)
      rspec-support (~> 3.10.0)
    rspec-mocks (3.10.2)
      diff-lcs (>= 1.2.0, < 2.0)
      rspec-support (~> 3.10.0)
    rspec-support (3.10.2)
    ruby-progressbar (1.11.0)
    ruby2_keywords (0.0.5)

PLATFORMS
  x86_64-darwin-19
  x86_64-linux-musl

DEPENDENCIES
  colorize
  elastic_ruby_server!
  fuubar
  hashdiff
  pry
  pry-byebug
  rspec

BUNDLED WITH
   2.2.20
