PATH
  remote: .
  specs:
    elastic_ruby_server (0.7.0)
      concurrent-ruby
      elasticsearch (< 7.14)
      git
      parser
      patron
      rubocop
      rubocop-daemon
      rubocop-rails
      tty-command

GEM
  remote: https://rubygems.org/
  specs:
    activesupport (7.0.2.3)
      concurrent-ruby (~> 1.0, >= 1.0.2)
      i18n (>= 1.6, < 2)
      minitest (>= 5.1)
      tzinfo (~> 2.0)
    ast (2.4.2)
    byebug (11.1.3)
    coderay (1.1.3)
    colorize (0.8.1)
    concurrent-ruby (1.1.10)
    diff-lcs (1.4.4)
    elasticsearch (7.13.3)
      elasticsearch-api (= 7.13.3)
      elasticsearch-transport (= 7.13.3)
    elasticsearch-api (7.13.3)
      multi_json
    elasticsearch-transport (7.13.3)
      faraday (~> 1)
      multi_json
    faraday (1.10.0)
      faraday-em_http (~> 1.0)
      faraday-em_synchrony (~> 1.0)
      faraday-excon (~> 1.1)
      faraday-httpclient (~> 1.0)
      faraday-multipart (~> 1.0)
      faraday-net_http (~> 1.0)
      faraday-net_http_persistent (~> 1.0)
      faraday-patron (~> 1.0)
      faraday-rack (~> 1.0)
      faraday-retry (~> 1.0)
      ruby2_keywords (>= 0.0.4)
    faraday-em_http (1.0.0)
    faraday-em_synchrony (1.0.0)
    faraday-excon (1.1.0)
    faraday-httpclient (1.0.1)
    faraday-multipart (1.0.3)
      multipart-post (>= 1.2, < 3)
    faraday-net_http (1.0.1)
    faraday-net_http_persistent (1.2.0)
    faraday-patron (1.0.0)
    faraday-rack (1.0.0)
    faraday-retry (1.0.3)
    fuubar (2.5.1)
      rspec-core (~> 3.0)
      ruby-progressbar (~> 1.4)
    git (1.10.2)
      rchardet (~> 1.8)
    hashdiff (1.0.1)
    i18n (1.10.0)
      concurrent-ruby (~> 1.0)
    method_source (1.0.0)
    minitest (5.15.0)
    multi_json (1.15.0)
    multipart-post (2.1.1)
    parallel (1.22.1)
    parser (3.1.1.0)
      ast (~> 2.4.1)
    pastel (0.8.0)
      tty-color (~> 0.5)
    patron (0.13.3)
    pry (0.13.1)
      coderay (~> 1.1)
      method_source (~> 1.0)
    pry-byebug (3.9.0)
      byebug (~> 11.0)
      pry (~> 0.13.0)
    rack (2.2.3)
    rainbow (3.1.1)
    rchardet (1.8.0)
    regexp_parser (2.3.0)
    rexml (3.2.5)
    rspec (3.10.0)
      rspec-core (~> 3.10.0)
      rspec-expectations (~> 3.10.0)
      rspec-mocks (~> 3.10.0)
    rspec-core (3.10.1)
      rspec-support (~> 3.10.0)
    rspec-expectations (3.10.1)
      diff-lcs (>= 1.2.0, < 2.0)
      rspec-support (~> 3.10.0)
    rspec-mocks (3.10.2)
      diff-lcs (>= 1.2.0, < 2.0)
      rspec-support (~> 3.10.0)
    rspec-support (3.10.2)
    rubocop (1.27.0)
      parallel (~> 1.10)
      parser (>= 3.1.0.0)
      rainbow (>= 2.2.2, < 4.0)
      regexp_parser (>= 1.8, < 3.0)
      rexml
      rubocop-ast (>= 1.16.0, < 2.0)
      ruby-progressbar (~> 1.7)
      unicode-display_width (>= 1.4.0, < 3.0)
    rubocop-ast (1.17.0)
      parser (>= 3.1.1.0)
    rubocop-daemon (0.3.2)
      rubocop
    rubocop-rails (2.14.2)
      activesupport (>= 4.2.0)
      rack (>= 1.1)
      rubocop (>= 1.7.0, < 2.0)
    ruby-progressbar (1.11.0)
    ruby2_keywords (0.0.5)
    tty-color (0.6.0)
    tty-command (0.10.1)
      pastel (~> 0.8)
    tzinfo (2.0.4)
      concurrent-ruby (~> 1.0)
    unicode-display_width (2.1.0)

PLATFORMS
  x86_64-darwin-19
  x86_64-linux-musl

DEPENDENCIES
  colorize
  elastic_ruby_server!
  fuubar
  hashdiff
  pry
  pry-byebug
  rspec

BUNDLED WITH
   2.2.20
